GEM
  remote: https://rubygems.org/
  specs:
    connection_pool (2.2.1)
    httparty (0.14.0)
      multi_xml (>= 0.5.2)
    multi_xml (0.6.0)
    rack (1.6.5)
    rack-protection (1.5.3)
      rack
    readthis (2.0.2)
      connection_pool (~> 2.1)
      redis (~> 3.0)
    redis (3.3.2)
    sinatra (1.4.7)
      rack (~> 1.5)
      rack-protection (~> 1.4)
      tilt (>= 1.3, < 3)
    tilt (2.0.5)

PLATFORMS
  ruby

DEPENDENCIES
  httparty
  readthis
  sinatra

RUBY VERSION
   ruby 2.4.0p0

BUNDLED WITH
   1.13.7
